PATH
  remote: .
  specs:
    sidekiq_lockable_job (0.1.2)
      redis (= 4.0.1)
      sidekiq (= 5.0.5)

GEM
  remote: https://rubygems.org/
  specs:
    concurrent-ruby (1.1.6)
    connection_pool (2.2.2)
    diff-lcs (1.3)
    equatable (0.6.1)
    fakeredis (0.7.0)
      redis (>= 3.2, < 5.0)
    necromancer (0.5.1)
    pastel (0.7.3)
      equatable (~> 0.6)
      tty-color (~> 0.5)
    rack (2.2.3)
    rack-protection (2.0.8.1)
      rack
    rake (12.3.3)
    redis (4.0.1)
    rspec (3.9.0)
      rspec-core (~> 3.9.0)
      rspec-expectations (~> 3.9.0)
      rspec-mocks (~> 3.9.0)
    rspec-core (3.9.1)
      rspec-support (~> 3.9.1)
    rspec-expectations (3.9.1)
      diff-lcs (>= 1.2.0, < 2.0)
      rspec-support (~> 3.9.0)
    rspec-mocks (3.9.1)
      diff-lcs (>= 1.2.0, < 2.0)
      rspec-support (~> 3.9.0)
    rspec-support (3.9.2)
    sidekiq (5.0.5)
      concurrent-ruby (~> 1.0)
      connection_pool (~> 2.2, >= 2.2.0)
      rack-protection (>= 1.5.0)
      redis (>= 3.3.4, < 5)
    tty-color (0.5.1)
    tty-cursor (0.7.1)
    tty-prompt (0.19.0)
      necromancer (~> 0.5.0)
      pastel (~> 0.7.0)
      tty-reader (~> 0.6.0)
    tty-reader (0.6.0)
      tty-cursor (~> 0.7)
      tty-screen (~> 0.7)
      wisper (~> 2.0.0)
    tty-screen (0.7.1)
    wisper (2.0.1)

PLATFORMS
  ruby

DEPENDENCIES
  bundler (~> 2.0)
  fakeredis (= 0.7.0)
  rake (~> 12.3.3)
  rspec (~> 3.0)
  sidekiq_lockable_job!
  tty-prompt (= 0.19.0)

BUNDLED WITH
   2.0.2
